GIT
  remote: https://github.com/mike-bourgeous/mb-math.git
  revision: 4d1d0c165821f03ea1223acb6a304d5f6c7c2187
  specs:
    mb-math (0.2.2.usegit)
      bigdecimal (~> 3.1.8)
      cmath (~> 1.0.0)
      matrix (~> 0.4.2)
      mb-util (>= 0.1.21.usegit)
      numo-narray (~> 0.9.2.1)
      numo-pocketfft (~> 0.4.1)
      prime (~> 0.1.3)

GIT
  remote: https://github.com/mike-bourgeous/mb-sound-jackffi.git
  revision: d8a6d642acc4091d3d3213e1a17b5946459c8ae8
  specs:
    mb-sound-jackffi (0.0.21.usegit)
      ffi (~> 1.13.0)
      numo-narray (~> 0.9.1)

GIT
  remote: https://github.com/mike-bourgeous/mb-util.git
  revision: cb21d328a7813cdc4be78795f2ccf5498e0ebca4
  specs:
    mb-util (0.1.22.usegit)

PATH
  remote: .
  specs:
    mb-sound (0.8.2.usegit)
      cmath (~> 1.0.0)
      mb-math (>= 0.2.2.usegit)
      mb-util (>= 0.1.22.usegit)
      midi-nibbler (~> 0.2.4)
      midilib (~> 4.0.0)
      numo-narray (~> 0.9.2)
      numo-pocketfft (~> 0.4.1)

GEM
  remote: https://rubygems.org/
  specs:
    bigdecimal (3.1.9)
    builder (3.2.4)
    byebug (11.1.3)
    cmath (1.0.0)
    coderay (1.1.3)
    diff-lcs (1.5.1)
    docile (1.4.1)
    ffi (1.13.1)
    forwardable (1.3.3)
    getoptlong (0.2.1)
    matrix (0.4.2)
    method_source (1.1.0)
    midi-message (0.4.9)
    midi-nibbler (0.2.4)
      midi-message (~> 0.4, >= 0.4.4)
    midilib (4.0.2)
    numo-narray (0.9.2.1)
    numo-pocketfft (0.4.1)
      numo-narray (>= 0.9.1)
    prime (0.1.3)
      forwardable
      singleton
    pry (0.13.1)
      coderay (~> 1.1)
      method_source (~> 1.0)
    pry-byebug (3.9.0)
      byebug (~> 11.0)
      pry (~> 0.13.0)
    pry-doc (1.5.0)
      pry (~> 0.11)
      yard (~> 0.9.11)
    rake (13.0.6)
    rake-compiler (1.1.9)
      rake
    rspec (3.13.0)
      rspec-core (~> 3.13.0)
      rspec-expectations (~> 3.13.0)
      rspec-mocks (~> 3.13.0)
    rspec-core (3.13.2)
      rspec-support (~> 3.13.0)
    rspec-expectations (3.13.3)
      diff-lcs (>= 1.2.0, < 2.0)
      rspec-support (~> 3.13.0)
    rspec-mocks (3.13.2)
      diff-lcs (>= 1.2.0, < 2.0)
      rspec-support (~> 3.13.0)
    rspec-support (3.13.2)
    simplecov (0.21.2)
      docile (~> 1.1)
      simplecov-html (~> 0.11)
      simplecov_json_formatter (~> 0.1)
    simplecov-html (0.13.1)
    simplecov_json_formatter (0.1.4)
    singleton (0.3.0)
    word_wrap (1.0.0)
    yard (0.9.37)

PLATFORMS
  ruby

DEPENDENCIES
  builder (~> 3.2.4)
  bundler (= 2.4.22)
  forwardable (~> 1.3.3)
  getoptlong (~> 0.2.1)
  mb-math (>= 0.2.2.usegit)!
  mb-sound!
  mb-sound-jackffi (>= 0.0.21.usegit)!
  mb-util (>= 0.1.22.usegit)!
  pry (~> 0.13.1)
  pry-byebug (~> 3.9.0)
  pry-doc
  rake (~> 13.0.1)
  rake-compiler (~> 1.1.1)
  rspec
  simplecov (~> 0.21.2)
  word_wrap (~> 1.0.0)

BUNDLED WITH
   2.4.22
