GIT
  remote: https://github.com/mike-bourgeous/mb-math.git
  revision: 15d1261bb247cd6b288a7e06a838a9e5cf26ffc0
  specs:
    mb-math (0.2.5.2.usegit)
      bigdecimal (~> 3.1.8)
      cmath (~> 1.0.0)
      matrix (~> 0.4.2)
      mb-util (>= 0.1.21.usegit)
      numo-narray (~> 0.9.2.1)
      numo-pocketfft (~> 0.4.1)
      prime (~> 0.1.3)

GIT
  remote: https://github.com/mike-bourgeous/mb-sound-jackffi.git
  revision: 7a7b48362dbe498a62609c2eb9fae162762c6a01
  specs:
    mb-sound-jackffi (0.1.0.usegit)
      ffi (~> 1.13.0)
      numo-narray (~> 0.9.1)

GIT
  remote: https://github.com/mike-bourgeous/mb-util.git
  revision: 4ea465459a246798134df064ac60296c692e3d1f
  specs:
    mb-util (0.1.24.usegit)

PATH
  remote: .
  specs:
    mb-sound (0.9.0.usegit)
      cmath (~> 1.0.0)
      csv (~> 3.3, >= 3.3.3)
      mb-math (>= 0.2.5.2.usegit)
      mb-util (>= 0.1.24.usegit)
      midi-nibbler (~> 0.2.4)
      midilib (~> 4.0.0)
      numo-narray (~> 0.9.2)
      numo-pocketfft (~> 0.4.1)
      psych (~> 5.2.3)

GEM
  remote: https://rubygems.org/
  specs:
    bigdecimal (3.1.9)
    builder (3.2.4)
    byebug (11.1.3)
    cmath (1.0.0)
    coderay (1.1.3)
    csv (3.3.4)
    date (3.4.1)
    diff-lcs (1.6.1)
    docile (1.4.1)
    ffi (1.13.1)
    forwardable (1.3.3)
    getoptlong (0.2.1)
    matrix (0.4.2)
    method_source (1.1.0)
    midi-message (0.4.9)
    midi-nibbler (0.2.4)
      midi-message (~> 0.4, >= 0.4.4)
    midilib (4.0.2)
    numo-narray (0.9.2.1)
    numo-pocketfft (0.4.1)
      numo-narray (>= 0.9.1)
    prime (0.1.3)
      forwardable
      singleton
    pry (0.14.2)
      coderay (~> 1.1)
      method_source (~> 1.0)
    pry-byebug (3.10.1)
      byebug (~> 11.0)
      pry (>= 0.13, < 0.15)
    pry-doc (1.5.0)
      pry (~> 0.11)
      yard (~> 0.9.11)
    psych (5.2.4)
      date
      stringio
    rake (13.0.6)
    rake-compiler (1.1.9)
      rake
    rspec (3.13.0)
      rspec-core (~> 3.13.0)
      rspec-expectations (~> 3.13.0)
      rspec-mocks (~> 3.13.0)
    rspec-core (3.13.3)
      rspec-support (~> 3.13.0)
    rspec-expectations (3.13.4)
      diff-lcs (>= 1.2.0, < 2.0)
      rspec-support (~> 3.13.0)
    rspec-mocks (3.13.3)
      diff-lcs (>= 1.2.0, < 2.0)
      rspec-support (~> 3.13.0)
    rspec-support (3.13.3)
    simplecov (0.22.0)
      docile (~> 1.1)
      simplecov-html (~> 0.11)
      simplecov_json_formatter (~> 0.1)
    simplecov-html (0.13.1)
    simplecov_json_formatter (0.1.4)
    singleton (0.3.0)
    stringio (3.1.7)
    word_wrap (1.0.0)
    yard (0.9.37)

PLATFORMS
  ruby

DEPENDENCIES
  builder (~> 3.2.4)
  bundler (= 2.4.22)
  forwardable (~> 1.3.3)
  getoptlong (~> 0.2.1)
  mb-math (>= 0.2.2.usegit)!
  mb-sound!
  mb-sound-jackffi (>= 0.1.0.usegit)!
  mb-util (>= 0.1.22.usegit)!
  pry (~> 0.14.0)
  pry-byebug (~> 3.10.0)
  pry-doc
  rake (~> 13.0.1)
  rake-compiler (~> 1.1.1)
  rspec
  simplecov (~> 0.22.0)
  word_wrap (~> 1.0.0)

BUNDLED WITH
   2.4.22
